GEM
  remote: https://rubygems.org/
  specs:
    ast (2.4.0)
    codeclimate-test-reporter (0.4.8)
      simplecov (>= 0.7.1, < 1.0.0)
    colorize (0.7.7)
    diff-lcs (1.2.5)
    docile (1.1.5)
    fakefs (0.8.0)
    json (1.8.3)
    parser (2.6.5.0)
      ast (~> 2.4.0)
    powerpack (0.1.2)
    rainbow (2.2.2)
      rake
    rake (13.0.0)
    rspec (3.2.0)
      rspec-core (~> 3.2.0)
      rspec-expectations (~> 3.2.0)
      rspec-mocks (~> 3.2.0)
    rspec-core (3.2.1)
      rspec-support (~> 3.2.0)
    rspec-expectations (3.2.0)
      diff-lcs (>= 1.2.0, < 2.0)
      rspec-support (~> 3.2.0)
    rspec-mocks (3.2.1)
      diff-lcs (>= 1.2.0, < 2.0)
      rspec-support (~> 3.2.0)
    rspec-support (3.2.2)
    rubocop (0.48.1)
      parser (>= 2.3.3.1, < 3.0)
      powerpack (~> 0.1)
      rainbow (>= 1.99.1, < 3.0)
      ruby-progressbar (~> 1.7)
      unicode-display_width (~> 1.0, >= 1.0.1)
    ruby-progressbar (1.10.1)
    simplecov (0.11.2)
      docile (~> 1.1.0)
      json (~> 1.8)
      simplecov-html (~> 0.10.0)
    simplecov-html (0.10.0)
    unicode-display_width (1.6.0)

PLATFORMS
  ruby

DEPENDENCIES
  codeclimate-test-reporter
  colorize
  fakefs
  rspec
  rubocop
  simplecov (~> 0.11.1)

BUNDLED WITH
   1.10.6
